PATH
  remote: .
  specs:
    certmeister-dynamodb (0.0.1)
      aws-sdk-core (~> 2.0)
      certmeister (~> 0.4)

GEM
  remote: http://rubygems.org/
  specs:
    aws-sdk-core (2.0.21)
      builder (~> 3.0)
      jmespath (~> 1.0)
      multi_json (~> 1.0)
      multi_xml (~> 0.5)
    builder (3.2.2)
    certmeister (0.4.1)
    diff-lcs (1.2.5)
    jmespath (1.0.2)
      multi_json (~> 1.0)
    multi_json (1.10.1)
    multi_xml (0.5.5)
    rake (0.9.6)
    rspec (2.99.0)
      rspec-core (~> 2.99.0)
      rspec-expectations (~> 2.99.0)
      rspec-mocks (~> 2.99.0)
    rspec-core (2.99.2)
    rspec-expectations (2.99.2)
      diff-lcs (>= 1.1.3, < 2.0)
    rspec-mocks (2.99.3)

PLATFORMS
  ruby

DEPENDENCIES
  bundler (~> 1.5)
  certmeister-dynamodb!
  rake (~> 0)
  rspec (~> 2.14)
