PATH
  remote: .
  specs:
    certmeister-dynamodb (0.1.2)
      aws-sdk-core (~> 2.1)
      certmeister (~> 2.0)

GEM
  remote: http://rubygems.org/
  specs:
    aws-sdk-core (2.1.20)
      jmespath (~> 1.0)
    certmeister (2.1.0)
    diff-lcs (1.2.5)
    jmespath (1.0.2)
      multi_json (~> 1.0)
    multi_json (1.11.2)
    rake (0.9.6)
    rspec (3.1.0)
      rspec-core (~> 3.1.0)
      rspec-expectations (~> 3.1.0)
      rspec-mocks (~> 3.1.0)
    rspec-core (3.1.7)
      rspec-support (~> 3.1.0)
    rspec-expectations (3.1.2)
      diff-lcs (>= 1.2.0, < 2.0)
      rspec-support (~> 3.1.0)
    rspec-mocks (3.1.3)
      rspec-support (~> 3.1.0)
    rspec-support (3.1.2)

PLATFORMS
  ruby

DEPENDENCIES
  bundler (~> 1.5)
  certmeister-dynamodb!
  rake (~> 0)
  rspec (~> 3.1)

BUNDLED WITH
   1.10.6
