PATH
  remote: .
  specs:
    certmeister-dynamodb (0.0.3)
      aws-sdk-core (~> 2.0)
      certmeister (~> 1.0)

GEM
  remote: http://rubygems.org/
  specs:
    aws-sdk-core (2.0.21)
      builder (~> 3.0)
      jmespath (~> 1.0)
      multi_json (~> 1.0)
      multi_xml (~> 0.5)
    builder (3.2.2)
    certmeister (1.0.0)
    diff-lcs (1.2.5)
    jmespath (1.0.2)
      multi_json (~> 1.0)
    multi_json (1.10.1)
    multi_xml (0.5.5)
    rake (0.9.6)
    rspec (3.1.0)
      rspec-core (~> 3.1.0)
      rspec-expectations (~> 3.1.0)
      rspec-mocks (~> 3.1.0)
    rspec-core (3.1.7)
      rspec-support (~> 3.1.0)
    rspec-expectations (3.1.2)
      diff-lcs (>= 1.2.0, < 2.0)
      rspec-support (~> 3.1.0)
    rspec-mocks (3.1.3)
      rspec-support (~> 3.1.0)
    rspec-support (3.1.2)

PLATFORMS
  ruby

DEPENDENCIES
  bundler (~> 1.5)
  certmeister-dynamodb!
  rake (~> 0)
  rspec (~> 3.1)
